PATH
  remote: .
  specs:
    froala-editor-sdk (4.1.0)
      mime-types (~> 3.1)
      mini_magick (~> 4.5)

GEM
  remote: https://rubygems.org/
  specs:
    mime-types (3.4.1)
      mime-types-data (~> 3.2015)
    mime-types-data (3.2022.0105)
    mini_magick (4.11.0)

PLATFORMS
  ruby
  x64-mingw32

DEPENDENCIES
  froala-editor-sdk!

BUNDLED WITH
   2.3.10
